GEM
  remote: https://rubygems.org/
  specs:
    minitest (5.14.2)
    ruby2d (0.9.4)

PLATFORMS
  ruby

DEPENDENCIES
  minitest
  ruby2d (~> 0.9.4)

BUNDLED WITH
   2.1.4
